PATH
  remote: .
  specs:
    hola (0.3.0.pre.rc7)

GEM
  remote: https://rubygems.org/
  specs:
    builder (3.2.3)
    faraday (0.11.0)
      multipart-post (>= 1.2, < 3)
    geminabox (0.13.5)
      builder
      faraday
      httpclient (>= 2.2.7)
      nesty
      sinatra (>= 1.2.7)
    httpclient (2.8.3)
    multipart-post (2.0.0)
    nesty (1.0.2)
    power_assert (0.2.7)
    rack (1.6.5)
    rack-protection (1.5.3)
      rack
    rake (10.5.0)
    sinatra (1.4.8)
      rack (~> 1.5)
      rack-protection (~> 1.4)
      tilt (>= 1.3, < 3)
    test-unit (3.1.7)
      power_assert
    tilt (2.0.6)

PLATFORMS
  ruby

DEPENDENCIES
  geminabox (~> 0.13.5)
  hola!
  rake
  test-unit

BUNDLED WITH
   1.11.2
