PATH
  remote: .
  specs:
    hola (0.3.0.pre.rc7)

GEM
  remote: https://rubygems.org/
  specs:
    addressable (2.3.8)
    bump (0.5.3)
    chandler (0.1.2)
      netrc
      octokit (>= 2.2.0)
    colorize (0.7.7)
    descendants_tracker (0.0.4)
      thread_safe (~> 0.3, >= 0.3.1)
    faraday (0.9.2)
      multipart-post (>= 1.2, < 3)
    github_api (0.13.0)
      addressable (~> 2.3)
      descendants_tracker (~> 0.0.4)
      faraday (~> 0.8, < 0.10)
      hashie (>= 3.4)
      multi_json (>= 1.7.5, < 2.0)
      nokogiri (~> 1.6.6)
      oauth2
    github_changelog_generator (1.10.1)
      colorize (~> 0.7)
      github_api (~> 0.12)
    hashie (3.4.3)
    jwt (1.5.2)
    mini_portile2 (2.0.0)
    multi_json (1.11.2)
    multi_xml (0.5.5)
    multipart-post (2.0.0)
    netrc (0.11.0)
    nokogiri (1.6.7.1)
      mini_portile2 (~> 2.0.0.rc2)
    oauth2 (1.0.0)
      faraday (>= 0.8, < 0.10)
      jwt (~> 1.0)
      multi_json (~> 1.3)
      multi_xml (~> 0.5)
      rack (~> 1.2)
    octokit (4.2.0)
      sawyer (~> 0.6.0, >= 0.5.3)
    power_assert (0.2.7)
    rack (1.6.4)
    rake (10.5.0)
    sawyer (0.6.0)
      addressable (~> 2.3.5)
      faraday (~> 0.8, < 0.10)
    test-unit (3.1.7)
      power_assert
    thread_safe (0.3.5)

PLATFORMS
  ruby

DEPENDENCIES
  bump
  chandler
  github_api
  github_changelog_generator
  hola!
  netrc
  rake
  test-unit

BUNDLED WITH
   1.11.2
